PATH
  remote: .
  specs:
    octodown (1.2.99)
      faye-websocket (~> 0.10.0)
      gemoji (~> 2.1, >= 2.1.0)
      github-linguist (~> 4.6, >= 4.6.4)
      github-markdown (~> 0.6.8)
      github-markup (~> 1.4, >= 1.4.0)
      html-pipeline (~> 2.2, >= 2.2.1)
      html-pipeline-rouge_filter (~> 1.0, >= 1.0.2)
      launchy (~> 2.4, >= 2.4.3)
      listen (~> 3.0, >= 3.0.3)
      pdfkit (~> 0.8.2)
      rack (~> 1.6, >= 1.6.4)
      rinku (~> 1.7, >= 1.7.2)
      sanitize (~> 4.0, >= 4.0.0)
      thin (~> 1.6, >= 1.6.4)

GEM
  remote: https://rubygems.org/
  specs:
    activesupport (4.2.5.1)
      i18n (~> 0.7)
      json (~> 1.7, >= 1.7.7)
      minitest (~> 5.1)
      thread_safe (~> 0.3, >= 0.3.4)
      tzinfo (~> 1.1)
    addressable (2.4.0)
    crass (1.0.2)
    daemons (1.2.3)
    eventmachine (1.0.9.1)
    faye-websocket (0.10.2)
      eventmachine (>= 0.12.0)
      websocket-driver (>= 0.5.1)
    ffi (1.9.10)
    gemoji (2.1.0)
    github-markdown (0.6.9)
    github-markup (1.4.0)
    html-pipeline (2.3.0)
      activesupport (>= 2, < 5)
      nokogiri (>= 1.4)
    html-pipeline-rouge_filter (1.0.2)
      activesupport
      html-pipeline (>= 1.11)
      rouge (~> 1.8)
    i18n (0.7.0)
    json (1.8.3)
    launchy (2.4.3)
      addressable (~> 2.3)
    listen (3.0.5)
      rb-fsevent (>= 0.9.3)
      rb-inotify (>= 0.9)
    mini_portile2 (2.0.0)
    minitest (5.8.4)
    nokogiri (1.6.7.2)
      mini_portile2 (~> 2.0.0.rc2)
    nokogumbo (1.4.7)
      nokogiri
    pdfkit (0.8.2)
    rack (1.6.4)
    rb-fsevent (0.9.7)
    rb-inotify (0.9.5)
      ffi (>= 0.5.0)
    rinku (1.7.3)
    rouge (1.10.1)
    sanitize (4.0.1)
      crass (~> 1.0.2)
      nokogiri (>= 1.4.4)
      nokogumbo (~> 1.4.1)
    thin (1.6.4)
      daemons (~> 1.0, >= 1.0.9)
      eventmachine (~> 1.0, >= 1.0.4)
      rack (~> 1.0)
    thread_safe (0.3.5)
    tzinfo (1.2.2)
      thread_safe (~> 0.1)
    websocket-driver (0.6.3)
      websocket-extensions (>= 0.1.0)
    websocket-extensions (0.1.2)

PLATFORMS
  ruby

DEPENDENCIES
  octodown!

BUNDLED WITH
   1.11.2
